GEM
  remote: https://rubygems.org/
  specs:
    chunky_png (1.2.8)

PLATFORMS
  ruby

DEPENDENCIES
  chunky_png (~> 1.2.8)

BUNDLED WITH
   1.16.2
