GEM
  remote: https://rubygems.org/
  specs:
    rake (10.1.1)
    rasem (0.6.1)
    xrvg (0.0.82)

PLATFORMS
  ruby

DEPENDENCIES
  rake
  rasem
  xrvg
